GEM
  remote: https://rubygems.org/
  specs:
    rake (13.0.6)
    sequel (5.53.0)
    sqlite3 (1.4.2)

PLATFORMS
  aarch64-linux
  x86_64-linux

DEPENDENCIES
  rake
  sequel
  sqlite3

BUNDLED WITH
   2.3.3
