GEM
  remote: https://rubygems.org/
  specs:
    rake (13.0.6)
    sequel (5.53.0)
    sqlite (1.0.2)

PLATFORMS
  aarch64-linux

DEPENDENCIES
  rake
  sequel
  sqlite

BUNDLED WITH
   2.3.3
