GEM
  remote: https://rubygems.org/
  specs:
    bigdecimal (3.1.4)
    rake (13.1.0)
    sequel (5.74.0)
      bigdecimal
    sqlite3 (1.6.8-x86_64-linux)

PLATFORMS
  x86_64-linux

DEPENDENCIES
  rake
  sequel
  sqlite3

BUNDLED WITH
   2.4.10
